GIT
  remote: git://github.com/opscode/omnibus-software.git
  revision: a016c14ad4ddf7bc41a1a4b1a53392130ae25006
  branch: master
  specs:
    omnibus-software (4.0.0)
      chef-sugar (>= 3.4.0)
      omnibus (>= 5.2.0)

GIT
  remote: https://dev.gitlab.org/gitlab/omnibus.git
  revision: 8ac71b82727f963b8ea69fe2ab40006dee8bfac7
  branch: omnibus-5-4-0
  specs:
    omnibus (5.4.0)
      aws-sdk (~> 2)
      chef-sugar (~> 3.3)
      cleanroom (~> 1.0)
      ffi-yajl (~> 2.2)
      mixlib-shellout (~> 2.0)
      mixlib-versioning
      ohai (~> 8.0)
      ruby-progressbar (~> 1.7)
      thor (~> 0.18)

GEM
  remote: https://rubygems.org/
  specs:
    aws-sdk (2.5.1)
      aws-sdk-resources (= 2.5.1)
    aws-sdk-core (2.5.1)
      jmespath (~> 1.0)
    aws-sdk-resources (2.5.1)
      aws-sdk-core (= 2.5.1)
    chef-config (12.12.15)
      fuzzyurl (~> 0.8.0)
      mixlib-config (~> 2.0)
      mixlib-shellout (~> 2.0)
    chef-sugar (3.4.0)
    cleanroom (1.0.0)
    diff-lcs (1.2.5)
    ffi (1.9.14)
    ffi-yajl (2.3.0)
      libyajl2 (~> 1.2)
    fuzzyurl (0.8.0)
    highline (1.6.20)
    ipaddress (0.8.3)
    jmespath (1.3.1)
    json (1.8.2)
    json_pure (1.8.1)
    libyajl2 (1.2.0)
    mime-types (3.1)
      mime-types-data (~> 3.2015)
    mime-types-data (3.2016.0521)
    mixlib-cli (1.7.0)
    mixlib-config (2.2.1)
    mixlib-log (1.7.0)
    mixlib-shellout (2.2.6)
    mixlib-versioning (1.1.0)
    ohai (8.18.0)
      chef-config (>= 12.5.0.alpha.1, < 13)
      ffi (~> 1.9)
      ffi-yajl (~> 2.2)
      ipaddress
      mixlib-cli
      mixlib-config (~> 2.0)
      mixlib-log
      mixlib-shellout (~> 2.0)
      plist (~> 3.1)
      systemu (~> 2.6.4)
      wmi-lite (~> 1.0)
    package_cloud (0.2.35)
      highline (= 1.6.20)
      json_pure (= 1.8.1)
      rainbow (= 2.1.0)
      rest-client (= 1.6.7)
      thor (= 0.18.1)
    plist (3.2.0)
    rainbow (2.1.0)
    rest-client (1.6.7)
      mime-types (>= 1.16)
    rspec (3.2.0)
      rspec-core (~> 3.2.0)
      rspec-expectations (~> 3.2.0)
      rspec-mocks (~> 3.2.0)
    rspec-core (3.2.3)
      rspec-support (~> 3.2.0)
    rspec-expectations (3.2.1)
      diff-lcs (>= 1.2.0, < 2.0)
      rspec-support (~> 3.2.0)
    rspec-mocks (3.2.1)
      diff-lcs (>= 1.2.0, < 2.0)
      rspec-support (~> 3.2.0)
    rspec-support (3.2.2)
    ruby-progressbar (1.8.1)
    systemu (2.6.5)
    thor (0.18.1)
    wmi-lite (1.0.0)

PLATFORMS
  ruby

DEPENDENCIES
  json
  ohai
  omnibus!
  omnibus-software!
  package_cloud
  rspec
  thor (= 0.18.1)
